GEM
  remote: https://rubygems.org/
  specs:
    addressable (2.3.6)
    diff-lcs (1.2.5)
    google_visualr (2.3.0)
    launchy (2.4.2)
      addressable (~> 2.3)
    msgpack (0.5.8)
    rake (10.3.2)
    rake-tomdoc (0.0.2)
      rake
      redcarpet (~> 3.1.1)
      yard-tomdoc (~> 0.7.1)
    redcarpet (3.1.2)
    rspec (2.14.1)
      rspec-core (~> 2.14.0)
      rspec-expectations (~> 2.14.0)
      rspec-mocks (~> 2.14.0)
    rspec-core (2.14.8)
    rspec-expectations (2.14.5)
      diff-lcs (>= 1.1.3, < 2.0)
    rspec-mocks (2.14.6)
    tomparse (0.4.2)
    yard (0.8.7.4)
    yard-tomdoc (0.7.1)
      tomparse (>= 0.4.0)
      yard

PLATFORMS
  ruby

DEPENDENCIES
  google_visualr
  launchy
  msgpack
  rake-tomdoc
  rspec (~> 2.14)
