GEM
  remote: https://rubygems.org/
  specs:
    addressable (2.3.6)
    diff-lcs (1.2.5)
    google_visualr (2.3.0)
    launchy (2.4.2)
      addressable (~> 2.3)
    msgpack (0.5.8)
    rspec (2.14.1)
      rspec-core (~> 2.14.0)
      rspec-expectations (~> 2.14.0)
      rspec-mocks (~> 2.14.0)
    rspec-core (2.14.8)
    rspec-expectations (2.14.5)
      diff-lcs (>= 1.1.3, < 2.0)
    rspec-mocks (2.14.6)

PLATFORMS
  ruby

DEPENDENCIES
  google_visualr
  launchy
  msgpack
  rspec (~> 2.14)
