GEM
  remote: https://rubygems.org/
  specs:
    addressable (2.3.6)
    configatron (3.2.0)
    diff-lcs (1.2.5)
    docile (1.1.5)
    google_visualr (2.3.0)
    launchy (2.4.2)
      addressable (~> 2.3)
    msgpack (0.5.8)
    rake (10.3.2)
    rake-tomdoc (0.0.2)
      rake
      redcarpet (~> 3.1.1)
      yard-tomdoc (~> 0.7.1)
    redcarpet (3.1.2)
    rspec (3.1.0)
      rspec-core (~> 3.1.0)
      rspec-expectations (~> 3.1.0)
      rspec-mocks (~> 3.1.0)
    rspec-core (3.1.3)
      rspec-support (~> 3.1.0)
    rspec-expectations (3.1.1)
      diff-lcs (>= 1.2.0, < 2.0)
      rspec-support (~> 3.1.0)
    rspec-mocks (3.1.0)
      rspec-support (~> 3.1.0)
    rspec-support (3.1.0)
    tomparse (0.4.2)
    yard (0.8.7.4)
    yard-tomdoc (0.7.1)
      tomparse (>= 0.4.0)
      yard

PLATFORMS
  ruby

DEPENDENCIES
  configatron (~> 3.2)
  docile (~> 1.1)
  google_visualr (~> 2.3)
  launchy (~> 2.4)
  msgpack (~> 0.5)
  rake (~> 10)
  rake-tomdoc
  rspec (~> 3.1)
